GEM
  remote: https://rubygems.org/
  specs:
    byebug (10.0.2)
    sqlite3 (1.3.13)

PLATFORMS
  ruby

DEPENDENCIES
  byebug
  sqlite3

BUNDLED WITH
   1.16.2
